GEM
  remote: https://rubygems.org/
  specs:
    minitest (5.18.0)
    minitest-rg (5.2.0)
      minitest (~> 5.0)

PLATFORMS
  x86_64-darwin-20

DEPENDENCIES
  minitest
  minitest-rg

BUNDLED WITH
   2.3.14
