GEM
  remote: https://rubygems.org/
  specs:
    coderay (1.1.3)
    docile (1.4.0)
    method_source (1.0.0)
    minitest (5.18.0)
    pry (0.13.1)
      coderay (~> 1.1)
      method_source (~> 1.0)
    simplecov (0.22.0)
      docile (~> 1.1)
      simplecov-html (~> 0.11)
      simplecov_json_formatter (~> 0.1)
    simplecov-html (0.12.3)
    simplecov_json_formatter (0.1.4)

PLATFORMS
  x86_64-darwin-20

DEPENDENCIES
  minitest
  pry (~> 0.13.1)
  simplecov

BUNDLED WITH
   2.3.14
